NUGET
  remote: https://www.nuget.org/api/v2
  specs:
    CsQuery (1.3.4) - framework: >= net45
    FSharp.Core (4.0.0.1)
    Microsoft.Win32.Primitives (4.0.0) - framework: dnxcore50
      System.Runtime (>= 4.0.20) - framework: dnxcore50
      System.Runtime.InteropServices (>= 4.0.20) - framework: dnxcore50
    Newtonsoft.Json (6.0.2)
    System.Collections (4.0.10) - framework: dnxcore50
      System.Diagnostics.Debug (>= 4.0.0) - framework: dnxcore50
      System.Resources.ResourceManager (>= 4.0.0) - framework: dnxcore50
      System.Runtime (>= 4.0.0) - framework: dnxcore50
      System.Runtime (>= 4.0.20) - framework: dnxcore50
      System.Runtime.Extensions (>= 4.0.0) - framework: dnxcore50
      System.Threading (>= 4.0.0) - framework: dnxcore50
    System.Collections.Concurrent (4.0.10) - framework: dnxcore50
      System.Collections (>= 4.0.10) - framework: dnxcore50
      System.Diagnostics.Debug (>= 4.0.10) - framework: dnxcore50
      System.Diagnostics.Tracing (>= 4.0.20) - framework: dnxcore50
      System.Globalization (>= 4.0.10) - framework: dnxcore50
      System.Resources.ResourceManager (>= 4.0.0) - framework: dnxcore50
      System.Runtime (>= 4.0.20) - framework: dnxcore50
      System.Runtime.Extensions (>= 4.0.10) - framework: dnxcore50
      System.Threading (>= 4.0.10) - framework: dnxcore50
      System.Threading.Tasks (>= 4.0.10) - framework: dnxcore50
    System.Collections.NonGeneric (4.0.0) - framework: dnxcore50
      System.Diagnostics.Debug (>= 4.0.10) - framework: dnxcore50
      System.Globalization (>= 4.0.10) - framework: dnxcore50
      System.Resources.ResourceManager (>= 4.0.0) - framework: dnxcore50
      System.Runtime (>= 4.0.20) - framework: dnxcore50
      System.Runtime.Extensions (>= 4.0.10) - framework: dnxcore50
      System.Threading (>= 4.0.10) - framework: dnxcore50
    System.ComponentModel.EventBasedAsync (4.0.10) - framework: dnxcore50
      System.Resources.ResourceManager (>= 4.0.0) - framework: dnxcore50
      System.Runtime (>= 4.0.20) - framework: dnxcore50
      System.Threading (>= 4.0.10) - framework: dnxcore50
      System.Threading.Tasks (>= 4.0.10) - framework: dnxcore50
    System.Diagnostics.Contracts (4.0.0) - framework: dnxcore50
      System.Runtime (>= 4.0.0) - framework: dnxcore50
    System.Diagnostics.Debug (4.0.10) - framework: dnxcore50
      System.Runtime (>= 4.0.0) - framework: dnxcore50
    System.Diagnostics.Tracing (4.0.20) - framework: dnxcore50
      System.Collections (>= 4.0.10) - framework: dnxcore50
      System.Globalization (>= 4.0.0) - framework: dnxcore50
      System.Reflection (>= 4.0.10) - framework: dnxcore50
      System.Reflection.Extensions (>= 4.0.0) - framework: dnxcore50
      System.Resources.ResourceManager (>= 4.0.0) - framework: dnxcore50
      System.Runtime (>= 4.0.0) - framework: dnxcore50
      System.Runtime (>= 4.0.20) - framework: dnxcore50
      System.Runtime.Extensions (>= 4.0.10) - framework: dnxcore50
      System.Runtime.InteropServices (>= 4.0.0) - framework: dnxcore50
      System.Text.Encoding (>= 4.0.0) - framework: dnxcore50
      System.Threading (>= 4.0.10) - framework: dnxcore50
    System.Globalization (4.0.10) - framework: dnxcore50
      System.Runtime (>= 4.0.0) - framework: dnxcore50
    System.IO (4.0.10) - framework: dnxcore50
      System.Globalization (>= 4.0.0) - framework: dnxcore50
      System.Runtime (>= 4.0.20) - framework: dnxcore50
      System.Text.Encoding (>= 4.0.0) - framework: dnxcore50
      System.Text.Encoding (>= 4.0.10) - framework: dnxcore50
      System.Text.Encoding.Extensions (>= 4.0.0) - framework: dnxcore50
      System.Threading (>= 4.0.0) - framework: dnxcore50
      System.Threading.Tasks (>= 4.0.0) - framework: dnxcore50
    System.IO.Compression (4.0.0) - framework: dnxcore50
      System.Collections (>= 4.0.0) - framework: dnxcore50
      System.IO (>= 4.0.0) - framework: dnxcore50
      System.Resources.ResourceManager (>= 4.0.0) - framework: dnxcore50
      System.Runtime (>= 4.0.0) - framework: dnxcore50
      System.Runtime.Extensions (>= 4.0.0) - framework: dnxcore50
      System.Runtime.InteropServices (>= 4.0.0) - framework: dnxcore50
      System.Text.Encoding (>= 4.0.0) - framework: dnxcore50
      System.Threading (>= 4.0.0) - framework: dnxcore50
      System.Threading.Tasks (>= 4.0.0) - framework: dnxcore50
    System.IO.FileSystem (4.0.0) - framework: dnxcore50
      System.Collections (>= 4.0.10) - framework: dnxcore50
      System.Diagnostics.Debug (>= 4.0.10) - framework: dnxcore50
      System.IO (>= 4.0.0) - framework: dnxcore50
      System.IO (>= 4.0.10) - framework: dnxcore50
      System.IO.FileSystem.Primitives (>= 4.0.0) - framework: dnxcore50
      System.Resources.ResourceManager (>= 4.0.0) - framework: dnxcore50
      System.Runtime (>= 4.0.0) - framework: dnxcore50
      System.Runtime (>= 4.0.20) - framework: dnxcore50
      System.Runtime.Extensions (>= 4.0.10) - framework: dnxcore50
      System.Runtime.Handles (>= 4.0.0) - framework: dnxcore50
      System.Runtime.InteropServices (>= 4.0.20) - framework: dnxcore50
      System.Runtime.WindowsRuntime (>= 4.0.0) - framework: dnxcore50
      System.Text.Encoding (>= 4.0.0) - framework: dnxcore50
      System.Text.Encoding (>= 4.0.10) - framework: dnxcore50
      System.Text.Encoding.Extensions (>= 4.0.10) - framework: dnxcore50
      System.Threading (>= 4.0.10) - framework: dnxcore50
      System.Threading.Overlapped (>= 4.0.0) - framework: dnxcore50
      System.Threading.Tasks (>= 4.0.0) - framework: dnxcore50
      System.Threading.Tasks (>= 4.0.10) - framework: dnxcore50
    System.IO.FileSystem.Primitives (4.0.0) - framework: dnxcore50
      System.Runtime (>= 4.0.20) - framework: dnxcore50
    System.Linq (4.0.0) - framework: dnxcore50
      System.Collections (>= 4.0.10) - framework: dnxcore50
      System.Diagnostics.Debug (>= 4.0.10) - framework: dnxcore50
      System.Resources.ResourceManager (>= 4.0.0) - framework: dnxcore50
      System.Runtime (>= 4.0.20) - framework: dnxcore50
      System.Runtime.Extensions (>= 4.0.10) - framework: dnxcore50
    System.Net.Http (4.0.0)
      Microsoft.Win32.Primitives (>= 4.0.0) - framework: dnxcore50
      System.Collections (>= 4.0.10) - framework: dnxcore50
      System.Diagnostics.Debug (>= 4.0.10) - framework: dnxcore50
      System.Globalization (>= 4.0.10) - framework: dnxcore50
      System.IO (>= 4.0.0) - framework: dnxcore50
      System.IO (>= 4.0.10) - framework: dnxcore50
      System.IO.Compression (>= 4.0.0) - framework: dnxcore50
      System.Net.Primitives (>= 4.0.0) - framework: dnxcore50
      System.Net.Primitives (>= 4.0.10) - framework: dnxcore50
      System.Resources.ResourceManager (>= 4.0.0) - framework: dnxcore50
      System.Runtime (>= 4.0.0) - framework: dnxcore50
      System.Runtime (>= 4.0.20) - framework: dnxcore50
      System.Runtime.Extensions (>= 4.0.10) - framework: dnxcore50
      System.Runtime.Handles (>= 4.0.0) - framework: dnxcore50
      System.Runtime.InteropServices (>= 4.0.20) - framework: dnxcore50
      System.Runtime.WindowsRuntime (>= 4.0.10) - framework: dnxcore50
      System.Text.Encoding (>= 4.0.0) - framework: dnxcore50
      System.Text.Encoding (>= 4.0.10) - framework: dnxcore50
      System.Text.Encoding.Extensions (>= 4.0.10) - framework: dnxcore50
      System.Threading (>= 4.0.10) - framework: dnxcore50
      System.Threading.Tasks (>= 4.0.0) - framework: dnxcore50
      System.Threading.Tasks (>= 4.0.10) - framework: dnxcore50
    System.Net.Primitives (4.0.10) - framework: dnxcore50
      System.Private.Networking (>= 4.0.0) - framework: dnxcore50
      System.Runtime (>= 4.0.0) - framework: dnxcore50
      System.Runtime (>= 4.0.20) - framework: dnxcore50
      System.Runtime.Handles (>= 4.0.0) - framework: dnxcore50
    System.ObjectModel (4.0.10) - framework: dnxcore50
      System.Collections (>= 4.0.10) - framework: dnxcore50
      System.Diagnostics.Debug (>= 4.0.10) - framework: dnxcore50
      System.Resources.ResourceManager (>= 4.0.0) - framework: dnxcore50
      System.Runtime (>= 4.0.20) - framework: dnxcore50
      System.Threading (>= 4.0.10) - framework: dnxcore50
    System.Private.Networking (4.0.0) - framework: dnxcore50
      Microsoft.Win32.Primitives (>= 4.0.0) - framework: dnxcore50
      System.Collections (>= 4.0.10) - framework: dnxcore50
      System.Collections.Concurrent (>= 4.0.0) - framework: dnxcore50
      System.Collections.NonGeneric (>= 4.0.0) - framework: dnxcore50
      System.ComponentModel.EventBasedAsync (>= 4.0.10) - framework: dnxcore50
      System.Diagnostics.Debug (>= 4.0.10) - framework: dnxcore50
      System.Diagnostics.Tracing (>= 4.0.20) - framework: dnxcore50
      System.Globalization (>= 4.0.10) - framework: dnxcore50
      System.IO (>= 4.0.10) - framework: dnxcore50
      System.IO.FileSystem (>= 4.0.0) - framework: dnxcore50
      System.IO.FileSystem.Primitives (>= 4.0.0) - framework: dnxcore50
      System.Resources.ResourceManager (>= 4.0.0) - framework: dnxcore50
      System.Runtime (>= 4.0.20) - framework: dnxcore50
      System.Runtime.Extensions (>= 4.0.10) - framework: dnxcore50
      System.Runtime.Handles (>= 4.0.0) - framework: dnxcore50
      System.Runtime.InteropServices (>= 4.0.20) - framework: dnxcore50
      System.Threading (>= 4.0.10) - framework: dnxcore50
      System.Threading.Overlapped (>= 4.0.0) - framework: dnxcore50
      System.Threading.Tasks (>= 4.0.10) - framework: dnxcore50
    System.Private.Uri (4.0.0) - framework: dnxcore50
    System.Reflection (4.0.10) - framework: dnxcore50
      System.IO (>= 4.0.0) - framework: dnxcore50
      System.Reflection.Primitives (>= 4.0.0) - framework: dnxcore50
      System.Runtime (>= 4.0.20) - framework: dnxcore50
    System.Reflection.Extensions (4.0.0) - framework: dnxcore50
      System.Diagnostics.Debug (>= 4.0.10) - framework: dnxcore50
      System.Reflection (>= 4.0.0) - framework: dnxcore50
      System.Reflection (>= 4.0.10) - framework: dnxcore50
      System.Reflection.Primitives (>= 4.0.0) - framework: dnxcore50
      System.Reflection.TypeExtensions (>= 4.0.0) - framework: dnxcore50
      System.Resources.ResourceManager (>= 4.0.0) - framework: dnxcore50
      System.Runtime (>= 4.0.0) - framework: dnxcore50
      System.Runtime (>= 4.0.20) - framework: dnxcore50
      System.Runtime.Extensions (>= 4.0.10) - framework: dnxcore50
    System.Reflection.Primitives (4.0.0) - framework: dnxcore50
      System.Runtime (>= 4.0.0) - framework: dnxcore50
      System.Threading (>= 4.0.0) - framework: dnxcore50
    System.Reflection.TypeExtensions (4.0.0) - framework: dnxcore50
      System.Diagnostics.Contracts (>= 4.0.0) - framework: dnxcore50
      System.Diagnostics.Debug (>= 4.0.10) - framework: dnxcore50
      System.Linq (>= 4.0.0) - framework: dnxcore50
      System.Reflection (>= 4.0.0) - framework: dnxcore50
      System.Reflection (>= 4.0.10) - framework: dnxcore50
      System.Reflection.Primitives (>= 4.0.0) - framework: dnxcore50
      System.Resources.ResourceManager (>= 4.0.0) - framework: dnxcore50
      System.Runtime (>= 4.0.0) - framework: dnxcore50
      System.Runtime (>= 4.0.20) - framework: dnxcore50
      System.Runtime.Extensions (>= 4.0.10) - framework: dnxcore50
    System.Resources.ResourceManager (4.0.0) - framework: dnxcore50
      System.Globalization (>= 4.0.0) - framework: dnxcore50
      System.Reflection (>= 4.0.0) - framework: dnxcore50
      System.Reflection (>= 4.0.10) - framework: dnxcore50
      System.Runtime (>= 4.0.0) - framework: dnxcore50
      System.Runtime (>= 4.0.20) - framework: dnxcore50
    System.Runtime (4.0.20) - framework: dnxcore50
      System.Private.Uri (>= 4.0.0) - framework: dnxcore50
    System.Runtime.Extensions (4.0.10) - framework: dnxcore50
      System.Runtime (>= 4.0.20) - framework: dnxcore50
    System.Runtime.Handles (4.0.0) - framework: dnxcore50
      System.Runtime (>= 4.0.0) - framework: dnxcore50
    System.Runtime.InteropServices (4.0.20) - framework: dnxcore50
      System.Reflection (>= 4.0.0) - framework: dnxcore50
      System.Reflection.Primitives (>= 4.0.0) - framework: dnxcore50
      System.Runtime (>= 4.0.0) - framework: dnxcore50
      System.Runtime.Handles (>= 4.0.0) - framework: dnxcore50
    System.Runtime.WindowsRuntime (4.0.10) - framework: dnxcore50
      System.Diagnostics.Debug (>= 4.0.10) - framework: dnxcore50
      System.Globalization (>= 4.0.0) - framework: dnxcore50
      System.IO (>= 4.0.0) - framework: dnxcore50
      System.IO (>= 4.0.10) - framework: dnxcore50
      System.ObjectModel (>= 4.0.0) - framework: dnxcore50
      System.Resources.ResourceManager (>= 4.0.0) - framework: dnxcore50
      System.Runtime (>= 4.0.0) - framework: dnxcore50
      System.Runtime (>= 4.0.20) - framework: dnxcore50
      System.Runtime.Extensions (>= 4.0.0) - framework: dnxcore50
      System.Runtime.InteropServices (>= 4.0.20) - framework: dnxcore50
      System.Threading (>= 4.0.10) - framework: dnxcore50
      System.Threading.Tasks (>= 4.0.0) - framework: dnxcore50
      System.Threading.Tasks (>= 4.0.10) - framework: dnxcore50
    System.Text.Encoding (4.0.10) - framework: dnxcore50
      System.Runtime (>= 4.0.0) - framework: dnxcore50
    System.Text.Encoding.Extensions (4.0.10) - framework: dnxcore50
      System.Runtime (>= 4.0.0) - framework: dnxcore50
      System.Text.Encoding (>= 4.0.10) - framework: dnxcore50
    System.Threading (4.0.10) - framework: dnxcore50
      System.Runtime (>= 4.0.0) - framework: dnxcore50
      System.Threading.Tasks (>= 4.0.0) - framework: dnxcore50
    System.Threading.Overlapped (4.0.0) - framework: dnxcore50
      System.Resources.ResourceManager (>= 4.0.0) - framework: dnxcore50
      System.Runtime (>= 4.0.0) - framework: dnxcore50
      System.Runtime (>= 4.0.20) - framework: dnxcore50
      System.Runtime.Extensions (>= 4.0.0) - framework: dnxcore50
      System.Runtime.Handles (>= 4.0.0) - framework: dnxcore50
      System.Runtime.InteropServices (>= 4.0.20) - framework: dnxcore50
      System.Threading (>= 4.0.10) - framework: dnxcore50
    System.Threading.Tasks (4.0.10)
      System.Runtime (>= 4.0.0) - framework: dnxcore50

GROUP Build
NUGET
  remote: https://www.nuget.org/api/v2
  specs:
    FAKE (4.20.0)
    FSharp.Compiler.Service (2.0.0.6)
    FSharp.Formatting (2.14.0)
      FSharp.Compiler.Service (>= 2.0.0.3 < 2.1.0)
      FSharpVSPowerTools.Core (>= 2.3.0 < 2.4.0)
    FSharpVSPowerTools.Core (2.3.0)
      FSharp.Compiler.Service (>= 2.0.0.3)
    Microsoft.Bcl (1.1.10)
      Microsoft.Bcl.Build (>= 1.0.14)
    Microsoft.Bcl.Build (1.0.21) - import_targets: false
    Microsoft.Net.Http (2.2.29)
      Microsoft.Bcl (>= 1.1.10)
      Microsoft.Bcl.Build (>= 1.0.14)
    Octokit (0.18.0)
      Microsoft.Net.Http
    SourceLink.Fake (1.1.0)
GITHUB
  remote: fsharp/FAKE
  specs:
    modules/Octokit/Octokit.fsx (43c4800c5f132d2c2d6832a3a59232a64d83d4c0)
      Octokit
GROUP Test
NUGET
  remote: https://www.nuget.org/api/v2
  specs:
    coveralls.net (0.6.0)
    FSharp.Core (4.0.0.1)
    FsUnit (2.0.0)
      FSharp.Core (>= 3.1.2.5)
      NUnit (3.0.1)
    FsUnit.xUnit (1.4.1)
      FSharp.Core (>= 3.1.2.5)
      xunit (2.1.0)
    NUnit (3.0.1)
    OpenCover (4.6.519)
    System.Collections (4.0.10) - framework: dnxcore50
      System.Diagnostics.Debug (>= 4.0.0) - framework: dnxcore50
      System.Resources.ResourceManager (>= 4.0.0) - framework: dnxcore50
      System.Runtime (>= 4.0.0) - framework: dnxcore50
      System.Runtime (>= 4.0.20) - framework: dnxcore50
      System.Runtime.Extensions (>= 4.0.0) - framework: dnxcore50
      System.Threading (>= 4.0.0) - framework: dnxcore50
    System.Diagnostics.Contracts (4.0.0) - framework: dnxcore50
      System.Runtime (>= 4.0.0) - framework: dnxcore50
    System.Diagnostics.Debug (4.0.10) - framework: dnxcore50
      System.Runtime (>= 4.0.0) - framework: dnxcore50
    System.Globalization (4.0.10) - framework: dnxcore50
      System.Runtime (>= 4.0.0) - framework: dnxcore50
    System.IO (4.0.10) - framework: dnxcore50
      System.Globalization (>= 4.0.0) - framework: dnxcore50
      System.Runtime (>= 4.0.20) - framework: dnxcore50
      System.Text.Encoding (>= 4.0.0) - framework: dnxcore50
      System.Text.Encoding (>= 4.0.10) - framework: dnxcore50
      System.Text.Encoding.Extensions (>= 4.0.0) - framework: dnxcore50
      System.Threading (>= 4.0.0) - framework: dnxcore50
      System.Threading.Tasks (>= 4.0.0) - framework: dnxcore50
    System.Linq (4.0.0) - framework: dnxcore50
      System.Collections (>= 4.0.10) - framework: dnxcore50
      System.Diagnostics.Debug (>= 4.0.10) - framework: dnxcore50
      System.Resources.ResourceManager (>= 4.0.0) - framework: dnxcore50
      System.Runtime (>= 4.0.20) - framework: dnxcore50
      System.Runtime.Extensions (>= 4.0.10) - framework: dnxcore50
    System.Linq.Expressions (4.0.10) - framework: dnxcore50
      System.Collections (>= 4.0.0) - framework: dnxcore50
      System.Diagnostics.Debug (>= 4.0.0) - framework: dnxcore50
      System.Globalization (>= 4.0.0) - framework: dnxcore50
      System.IO (>= 4.0.0) - framework: dnxcore50
      System.Linq (>= 4.0.0) - framework: dnxcore50
      System.ObjectModel (>= 4.0.0) - framework: dnxcore50
      System.Reflection (>= 4.0.0) - framework: dnxcore50
      System.Reflection.Emit (>= 4.0.0) - framework: dnxcore50
      System.Reflection.Extensions (>= 4.0.0) - framework: dnxcore50
      System.Reflection.Primitives (>= 4.0.0) - framework: dnxcore50
      System.Reflection.TypeExtensions (>= 4.0.0) - framework: dnxcore50
      System.Resources.ResourceManager (>= 4.0.0) - framework: dnxcore50
      System.Runtime (>= 4.0.0) - framework: dnxcore50
      System.Runtime (>= 4.0.20) - framework: dnxcore50
      System.Runtime.Extensions (>= 4.0.0) - framework: dnxcore50
      System.Threading (>= 4.0.0) - framework: dnxcore50
    System.ObjectModel (4.0.10) - framework: dnxcore50
      System.Collections (>= 4.0.10) - framework: dnxcore50
      System.Diagnostics.Debug (>= 4.0.10) - framework: dnxcore50
      System.Resources.ResourceManager (>= 4.0.0) - framework: dnxcore50
      System.Runtime (>= 4.0.20) - framework: dnxcore50
      System.Threading (>= 4.0.10) - framework: dnxcore50
    System.Private.Uri (4.0.0) - framework: dnxcore50
    System.Reflection (4.0.10) - framework: dnxcore50
      System.IO (>= 4.0.0) - framework: dnxcore50
      System.Reflection.Primitives (>= 4.0.0) - framework: dnxcore50
      System.Runtime (>= 4.0.20) - framework: dnxcore50
    System.Reflection.Emit (4.0.0) - framework: dnxcore50
      System.IO (>= 4.0.0) - framework: dnxcore50
      System.Reflection (>= 4.0.0) - framework: dnxcore50
      System.Reflection.Emit.ILGeneration (>= 4.0.0) - framework: dnxcore50
      System.Reflection.Primitives (>= 4.0.0) - framework: dnxcore50
      System.Runtime (>= 4.0.0) - framework: dnxcore50
    System.Reflection.Emit.ILGeneration (4.0.0) - framework: dnxcore50
      System.Reflection (>= 4.0.0) - framework: dnxcore50
      System.Reflection.Primitives (>= 4.0.0) - framework: dnxcore50
      System.Runtime (>= 4.0.0) - framework: dnxcore50
    System.Reflection.Extensions (4.0.0) - framework: dnxcore50
      System.Diagnostics.Debug (>= 4.0.10) - framework: dnxcore50
      System.Reflection (>= 4.0.0) - framework: dnxcore50
      System.Reflection (>= 4.0.10) - framework: dnxcore50
      System.Reflection.Primitives (>= 4.0.0) - framework: dnxcore50
      System.Reflection.TypeExtensions (>= 4.0.0) - framework: dnxcore50
      System.Resources.ResourceManager (>= 4.0.0) - framework: dnxcore50
      System.Runtime (>= 4.0.0) - framework: dnxcore50
      System.Runtime (>= 4.0.20) - framework: dnxcore50
      System.Runtime.Extensions (>= 4.0.10) - framework: dnxcore50
    System.Reflection.Primitives (4.0.0) - framework: dnxcore50
      System.Runtime (>= 4.0.0) - framework: dnxcore50
      System.Threading (>= 4.0.0) - framework: dnxcore50
    System.Reflection.TypeExtensions (4.0.0) - framework: dnxcore50
      System.Diagnostics.Contracts (>= 4.0.0) - framework: dnxcore50
      System.Diagnostics.Debug (>= 4.0.10) - framework: dnxcore50
      System.Linq (>= 4.0.0) - framework: dnxcore50
      System.Reflection (>= 4.0.0) - framework: dnxcore50
      System.Reflection (>= 4.0.10) - framework: dnxcore50
      System.Reflection.Primitives (>= 4.0.0) - framework: dnxcore50
      System.Resources.ResourceManager (>= 4.0.0) - framework: dnxcore50
      System.Runtime (>= 4.0.0) - framework: dnxcore50
      System.Runtime (>= 4.0.20) - framework: dnxcore50
      System.Runtime.Extensions (>= 4.0.10) - framework: dnxcore50
    System.Resources.ResourceManager (4.0.0) - framework: dnxcore50
      System.Globalization (>= 4.0.0) - framework: dnxcore50
      System.Reflection (>= 4.0.0) - framework: dnxcore50
      System.Reflection (>= 4.0.10) - framework: dnxcore50
      System.Runtime (>= 4.0.0) - framework: dnxcore50
      System.Runtime (>= 4.0.20) - framework: dnxcore50
    System.Runtime (4.0.20) - framework: dnxcore50
      System.Private.Uri (>= 4.0.0) - framework: dnxcore50
    System.Runtime.Extensions (4.0.10) - framework: dnxcore50
      System.Runtime (>= 4.0.20) - framework: dnxcore50
    System.Text.Encoding (4.0.10) - framework: dnxcore50
      System.Runtime (>= 4.0.0) - framework: dnxcore50
    System.Text.Encoding.Extensions (4.0.10) - framework: dnxcore50
      System.Runtime (>= 4.0.0) - framework: dnxcore50
      System.Text.Encoding (>= 4.0.10) - framework: dnxcore50
    System.Text.RegularExpressions (4.0.10) - framework: dnxcore50
      System.Collections (>= 4.0.10) - framework: dnxcore50
      System.Globalization (>= 4.0.10) - framework: dnxcore50
      System.Resources.ResourceManager (>= 4.0.0) - framework: dnxcore50
      System.Runtime (>= 4.0.20) - framework: dnxcore50
      System.Runtime.Extensions (>= 4.0.10) - framework: dnxcore50
      System.Threading (>= 4.0.10) - framework: dnxcore50
    System.Threading (4.0.10) - framework: dnxcore50
      System.Runtime (>= 4.0.0) - framework: dnxcore50
      System.Threading.Tasks (>= 4.0.0) - framework: dnxcore50
    System.Threading.Tasks (4.0.10) - framework: dnxcore50
      System.Runtime (>= 4.0.0) - framework: dnxcore50
    xunit (2.1.0)
      xunit.assert (2.1.0)
      xunit.core (2.1.0)
    xunit.abstractions (2.0.0) - framework: >= net45, dnx451, dnxcore50, monoandroid, monotouch, portable-net45+win80+wp80+wpa81, xamarinios, winv4.5, wpv8.1, wpv8.0
    xunit.assert (2.1.0)
      System.Collections (>= 4.0.0) - framework: dnxcore50
      System.Diagnostics.Debug (>= 4.0.0) - framework: dnxcore50
      System.Globalization (>= 4.0.0) - framework: dnxcore50
      System.Linq (>= 4.0.0) - framework: dnxcore50
      System.ObjectModel (>= 4.0.0) - framework: dnxcore50
      System.Reflection (>= 4.0.0) - framework: dnxcore50
      System.Reflection.Extensions (>= 4.0.0) - framework: dnxcore50
      System.Runtime (>= 4.0.0) - framework: dnxcore50
      System.Runtime.Extensions (>= 4.0.0) - framework: dnxcore50
      System.Text.RegularExpressions (>= 4.0.0) - framework: dnxcore50
      System.Threading.Tasks (>= 4.0.0) - framework: dnxcore50
    xunit.core (2.1.0)
      System.Collections (>= 4.0.0) - framework: dnxcore50
      System.Diagnostics.Debug (>= 4.0.0) - framework: dnxcore50
      System.Globalization (>= 4.0.0) - framework: dnxcore50
      System.Linq (>= 4.0.0) - framework: dnxcore50
      System.Reflection (>= 4.0.0) - framework: dnxcore50
      System.Reflection.Extensions (>= 4.0.0) - framework: dnxcore50
      System.Runtime (>= 4.0.0) - framework: dnxcore50
      System.Runtime.Extensions (>= 4.0.0) - framework: dnxcore50
      System.Threading.Tasks (>= 4.0.0) - framework: dnxcore50
      xunit.abstractions (>= 2.0.0) - framework: dnxcore50
      xunit.extensibility.core (2.1.0) - framework: >= net45, dnx451, dnxcore50, monoandroid, monotouch, portable-net45+win80+wp80+wpa81, xamarinios, winv4.5, wpv8.1, wpv8.0
      xunit.extensibility.execution (2.1.0) - framework: >= net45, dnx451, dnxcore50, monoandroid, monotouch, portable-net45+win80+wp80+wpa81, xamarinios, winv4.5, wpv8.1, wpv8.0
    xunit.extensibility.core (2.1.0) - framework: >= net45, dnx451, dnxcore50, monoandroid, monotouch, portable-net45+win80+wp80+wpa81, xamarinios, winv4.5, wpv8.1, wpv8.0
      xunit.abstractions (2.0.0)
    xunit.extensibility.execution (2.1.0) - framework: >= net45, dnx451, dnxcore50, monoandroid, monotouch, portable-net45+win80+wp80+wpa81, xamarinios, winv4.5, wpv8.1, wpv8.0
      System.Collections (>= 4.0.0) - framework: dnxcore50
      System.Diagnostics.Debug (>= 4.0.0) - framework: dnxcore50
      System.Globalization (>= 4.0.0) - framework: dnxcore50
      System.IO (>= 4.0.0) - framework: dnxcore50
      System.Linq (>= 4.0.0) - framework: dnxcore50
      System.Linq.Expressions (>= 4.0.0) - framework: dnxcore50
      System.Reflection (>= 4.0.0) - framework: dnxcore50
      System.Reflection.Extensions (>= 4.0.0) - framework: dnxcore50
      System.Runtime (>= 4.0.0) - framework: dnxcore50
      System.Runtime.Extensions (>= 4.0.0) - framework: dnxcore50
      System.Text.Encoding (>= 4.0.0) - framework: dnxcore50
      System.Threading (>= 4.0.0) - framework: dnxcore50
      System.Threading.Tasks (>= 4.0.0) - framework: dnxcore50
      xunit.abstractions (>= 2.0.0) - framework: dnxcore50
      xunit.extensibility.core (2.1.0) - framework: >= net45, dnx451, dnxcore50, monoandroid, monotouch, xamarinios, winv4.5, wpv8.1, wpv8.0
    xunit.runner.console (2.1.0)
